GEM
  remote: https://rubygems.org/
  specs:
    ast (2.4.0)
    colored (1.2)
    cri (2.15.3)
      colored (~> 1.2)
    diff-lcs (1.3)
    facter (2.5.1)
    faraday (0.13.1)
      multipart-post (>= 1.2, < 3)
    faraday_middleware (0.12.2)
      faraday (>= 0.7.4, < 1.0)
    fast_gettext (1.1.2)
    gettext (3.2.9)
      locale (>= 2.0.5)
      text (>= 1.3.0)
    gettext-setup (0.30)
      fast_gettext (~> 1.1.0)
      gettext (>= 3.0.2)
      locale
    hiera (3.5.0)
    hocon (1.2.5)
    httpclient (2.8.3)
    jaro_winkler (1.5.2)
    locale (2.1.2)
    log4r (1.1.10)
    metaclass (0.0.4)
    minitar (0.8)
    mocha (1.8.0)
      metaclass (~> 0.0.1)
    multi_json (1.13.1)
    multipart-post (2.0.0)
    parallel (1.14.0)
    parser (2.6.0.0)
      ast (~> 2.4.0)
    pathspec (0.2.1)
    powerpack (0.1.2)
    psych (3.1.0)
    puppet (6.3.0)
      facter (> 2.0.1, < 4)
      fast_gettext (~> 1.1.2)
      hiera (>= 3.2.1, < 4)
      httpclient (~> 2.8)
      locale (~> 2.1)
      multi_json (~> 1.10)
      puppet-resource_api (~> 1.5)
      semantic_puppet (~> 1.0)
    puppet-lint (2.3.6)
    puppet-lint-absolute_template_path (1.0.1)
      puppet-lint (>= 1.1, < 3.0)
    puppet-lint-classes_and_types_beginning_with_digits-check (0.1.2)
      puppet-lint (>= 1.0, < 3.0)
    puppet-lint-concatenated_template_files-check (0.1.1)
      puppet-lint (>= 1.1, < 3.0)
    puppet-lint-duplicate_class_parameters-check (1.0.4)
      puppet-lint (>= 1.1, < 3.0)
    puppet-lint-leading_zero-check (0.1.1)
      puppet-lint (>= 1.0, < 3.0)
    puppet-lint-legacy_facts-check (0.0.6)
      puppet-lint (~> 2.0)
    puppet-lint-no_erb_template-check (0.1.1)
      puppet-lint (>= 1.1, < 3.0)
    puppet-lint-no_file_path_attribute-check (0.1.1)
      puppet-lint (>= 1.1, < 3.0)
    puppet-lint-no_symbolic_file_modes-check (1.0.2)
      puppet-lint (>= 1.1, < 3.0)
    puppet-lint-param-docs (1.5.0)
      puppet-lint (>= 1.1, < 3.0)
    puppet-lint-resource_reference_syntax (1.0.14)
      puppet-lint (>= 1.0, < 3.0)
    puppet-lint-strict_indent-check (2.0.7)
      puppet-lint (> 1.0)
    puppet-lint-template_file_extension-check (0.1.2)
      puppet-lint (>= 1.1, < 3.0)
    puppet-lint-top_scope_facts-check (0.0.1)
      puppet-lint (~> 2.0)
    puppet-lint-trailing_newline-check (1.1.0)
      puppet-lint (>= 1.0, < 3.0)
    puppet-lint-unquoted_string-check (0.3.0)
      puppet-lint (>= 1.0, < 3.0)
    puppet-lint-variable_contains_upcase (1.2.0)
      puppet-lint (>= 1.0, < 3.0)
    puppet-lint-version_comparison-check (0.2.1)
      puppet-lint (>= 1.0, < 3.0)
    puppet-lint-world_writable_files-check (0.0.2)
      puppet-lint (>= 1.1, < 3.0)
    puppet-resource_api (1.8.1)
      hocon (>= 1.0)
    puppet-syntax (2.4.3)
      rake
    puppet_forge (2.2.9)
      faraday (>= 0.9.0, < 0.14.0)
      faraday_middleware (>= 0.9.0, < 0.13.0)
      gettext-setup (~> 0.11)
      minitar
      semantic_puppet (~> 1.0)
    puppetlabs_spec_helper (2.13.1)
      mocha (~> 1.0)
      pathspec (~> 0.2.1)
      puppet-lint (~> 2.0)
      puppet-syntax (~> 2.0)
      rspec-puppet (~> 2.0)
    r10k (3.1.1)
      colored (= 1.2)
      cri (~> 2.15.1)
      gettext-setup (~> 0.24)
      log4r (= 1.1.10)
      multi_json (~> 1.10)
      puppet_forge (~> 2.2.8)
    rainbow (3.0.0)
    rake (12.3.2)
    rspec (3.8.0)
      rspec-core (~> 3.8.0)
      rspec-expectations (~> 3.8.0)
      rspec-mocks (~> 3.8.0)
    rspec-core (3.8.0)
      rspec-support (~> 3.8.0)
    rspec-expectations (3.8.2)
      diff-lcs (>= 1.2.0, < 2.0)
      rspec-support (~> 3.8.0)
    rspec-mocks (3.8.0)
      diff-lcs (>= 1.2.0, < 2.0)
      rspec-support (~> 3.8.0)
    rspec-puppet (2.7.3)
      rspec
    rspec-support (3.8.0)
    rubocop (0.65.0)
      jaro_winkler (~> 1.5.1)
      parallel (~> 1.10)
      parser (>= 2.5, != 2.5.1.1)
      powerpack (~> 0.1)
      psych (>= 3.1.0)
      rainbow (>= 2.2.2, < 4.0)
      ruby-progressbar (~> 1.7)
      unicode-display_width (~> 1.4.0)
    rubocop-rspec (1.32.0)
      rubocop (>= 0.60.0)
    ruby-progressbar (1.10.0)
    semantic_puppet (1.0.2)
    text (1.3.1)
    unicode-display_width (1.4.1)
    yaml-lint (0.0.10)

PLATFORMS
  ruby

DEPENDENCIES
  puppet (~> 6)!
  puppet-lint!
  puppet-lint-absolute_template_path!
  puppet-lint-classes_and_types_beginning_with_digits-check!
  puppet-lint-concatenated_template_files-check!
  puppet-lint-duplicate_class_parameters-check!
  puppet-lint-leading_zero-check!
  puppet-lint-legacy_facts-check!
  puppet-lint-no_erb_template-check!
  puppet-lint-no_file_path_attribute-check!
  puppet-lint-no_symbolic_file_modes-check!
  puppet-lint-param-docs!
  puppet-lint-resource_reference_syntax!
  puppet-lint-strict_indent-check!
  puppet-lint-template_file_extension-check!
  puppet-lint-top_scope_facts-check!
  puppet-lint-trailing_newline-check!
  puppet-lint-unquoted_string-check!
  puppet-lint-variable_contains_upcase!
  puppet-lint-version_comparison-check!
  puppet-lint-world_writable_files-check!
  puppetlabs_spec_helper!
  r10k!
  rspec-puppet!
  rubocop-rspec!
  yaml-lint!

BUNDLED WITH
   2.0.1
